NUGET
  remote: https://www.nuget.org/api/v2
    docfx.console (2.24)
